PATH
  remote: .
  specs:
    css_counter (0.0.2)
      crass (~> 0.2)

GEM
  remote: https://rubygems.org/
  specs:
    crass (0.2.0)
    diff-lcs (1.2.5)
    rake (10.1.1)
    rspec (2.14.1)
      rspec-core (~> 2.14.0)
      rspec-expectations (~> 2.14.0)
      rspec-mocks (~> 2.14.0)
    rspec-core (2.14.7)
    rspec-expectations (2.14.5)
      diff-lcs (>= 1.1.3, < 2.0)
    rspec-mocks (2.14.5)

PLATFORMS
  ruby

DEPENDENCIES
  css_counter!
  rake (~> 10.0)
  rspec (~> 2.0)
